GIT
  remote: https://github.com/clearsightstudio/ProMotion.git
  revision: 1767a917323029c44d04853ed076bb54b5c8122c
  branch: pm2
  specs:
    ProMotion (2.0.0)
      methadone (~> 1.4)

GEM
  remote: https://rubygems.org/
  specs:
    dbt (1.1.5)
    methadone (1.4.0)
      bundler
    motion-kit (0.10.7)
      dbt (~> 1.1.5)
    motion-kit-events (0.2.1)
      dbt
      motion-kit
    rake (10.3.2)

PLATFORMS
  ruby

DEPENDENCIES
  ProMotion!
  motion-kit
  motion-kit-events
  rake
